GIT
  remote: https://github.com/fluent/fluentd
  revision: 12de3b5a260a174fe4a419036d6e2b2e18fe7497
  ref: 12de3b5a260a174fe4a419036d6e2b2e18fe7497
  specs:
    fluentd (1.13.3)
      bundler
      cool.io (>= 1.4.5, < 2.0.0)
      http_parser.rb (>= 0.5.1, < 0.8.0)
      msgpack (>= 1.3.1, < 2.0.0)
      serverengine (>= 2.2.2, < 3.0.0)
      sigdump (~> 0.2.2)
      strptime (>= 0.2.2, < 1.0.0)
      tzinfo (>= 1.0, < 3.0)
      tzinfo-data (~> 1.0)
      webrick (>= 1.4.2, < 1.8.0)
      yajl-ruby (~> 1.0)

GEM
  remote: https://rubygems.org/
  specs:
    addressable (2.8.0)
      public_suffix (>= 2.0.2, < 5.0)
    async (1.30.1)
      console (~> 1.10)
      nio4r (~> 2.3)
      timers (~> 4.1)
    async-http (0.56.3)
      async (~> 1.25)
      async-io (~> 1.28)
      async-pool (~> 0.2)
      protocol-http (~> 0.22.0)
      protocol-http1 (~> 0.14.0)
      protocol-http2 (~> 0.14.0)
    async-io (1.32.2)
      async
    async-pool (0.3.9)
      async (>= 1.25)
    aws-eventstream (1.2.0)
    aws-partitions (1.478.0)
    aws-sdk-core (3.117.0)
      aws-eventstream (~> 1, >= 1.0.2)
      aws-partitions (~> 1, >= 1.239.0)
      aws-sigv4 (~> 1.1)
      jmespath (~> 1.0)
    aws-sdk-kms (1.44.0)
      aws-sdk-core (~> 3, >= 3.112.0)
      aws-sigv4 (~> 1.1)
    aws-sdk-s3 (1.96.1)
      aws-sdk-core (~> 3, >= 3.112.0)
      aws-sdk-kms (~> 1)
      aws-sigv4 (~> 1.1)
    aws-sdk-sqs (1.40.0)
      aws-sdk-core (~> 3, >= 3.112.0)
      aws-sigv4 (~> 1.1)
    aws-sigv4 (1.2.4)
      aws-eventstream (~> 1, >= 1.0.2)
    bindata (2.4.10)
    concurrent-ruby (1.1.9)
    console (1.13.1)
      fiber-local
    cool.io (1.7.1)
    digest-crc (0.6.4)
      rake (>= 12.0.0, < 14.0.0)
    elasticsearch (7.13.3)
      elasticsearch-api (= 7.13.3)
      elasticsearch-transport (= 7.13.3)
    elasticsearch-api (7.13.3)
      multi_json
    elasticsearch-transport (7.13.3)
      faraday (~> 1)
      multi_json
    excon (0.87.0)
    faraday (1.8.0)
      faraday-em_http (~> 1.0)
      faraday-em_synchrony (~> 1.0)
      faraday-excon (~> 1.1)
      faraday-httpclient (~> 1.0.1)
      faraday-net_http (~> 1.0)
      faraday-net_http_persistent (~> 1.1)
      faraday-patron (~> 1.0)
      faraday-rack (~> 1.0)
      multipart-post (>= 1.2, < 3)
      ruby2_keywords (>= 0.0.4)
    faraday-em_http (1.0.0)
    faraday-em_synchrony (1.0.0)
    faraday-excon (1.1.0)
    faraday-httpclient (1.0.1)
    faraday-net_http (1.0.1)
    faraday-net_http_persistent (1.2.0)
    faraday-patron (1.0.0)
    faraday-rack (1.0.0)
    ffi (1.15.4)
    fiber-local (1.0.0)
    fileutils (1.5.0)
    fluent-config-regexp-type (1.0.0)
      fluentd (> 1.0.0, < 2)
    fluent-diagtool (1.0.1)
      fileutils
      json
    fluent-logger (0.9.0)
      msgpack (>= 1.0.0, < 2)
    fluent-plugin-elasticsearch (5.0.5)
      elasticsearch
      excon
      fluentd (>= 0.14.22)
    fluent-plugin-flowcounter-simple (0.1.0)
      fluentd (>= 1.0)
    fluent-plugin-kafka (0.16.3)
      fluentd (>= 0.10.58, < 2)
      ltsv
      ruby-kafka (>= 1.2.0, < 2)
    fluent-plugin-prometheus (2.0.1)
      fluentd (>= 1.9.1, < 2)
      prometheus-client (>= 2.1.0)
    fluent-plugin-prometheus_pushgateway (0.1.0)
      fluent-plugin-prometheus (>= 2.0.0, < 2.1.0)
    fluent-plugin-record-modifier (2.1.0)
      fluentd (>= 1.0, < 2)
    fluent-plugin-rewrite-tag-filter (2.4.0)
      fluent-config-regexp-type
      fluentd (>= 0.14.2, < 2)
    fluent-plugin-s3 (1.6.0)
      aws-sdk-s3 (~> 1.60)
      aws-sdk-sqs (~> 1.23)
      fluentd (>= 0.14.22, < 2)
    fluent-plugin-sd-dns (0.1.0)
      fluentd (>= 1.8)
    fluent-plugin-systemd (1.0.5)
      fluentd (>= 0.14.11, < 2)
      systemd-journal (~> 1.4.2)
    fluent-plugin-td (1.1.0)
      fluentd (>= 0.14.13, < 2)
      td-client (~> 1.0)
    fluent-plugin-utmpx (0.5.0)
      fluentd (>= 0.14.10, < 2)
      linux-utmpx (~> 0.3.0)
    fluent-plugin-webhdfs (1.4.0)
      fluentd (>= 0.14.22)
      webhdfs (>= 0.6.0)
    hirb (0.7.3)
    http_parser.rb (0.7.0)
    httpclient (2.8.3)
    jmespath (1.4.0)
    json (2.5.1)
    linux-utmpx (0.3.0)
      bindata (~> 2.4.8)
    ltsv (0.1.2)
    mini_portile2 (2.7.0)
    msgpack (1.4.2)
    multi_json (1.15.0)
    multipart-post (2.1.1)
    nio4r (2.5.8)
    nokogiri (1.11.7-x86_64-linux)
      racc (~> 1.4)
    oj (3.12.1)
    parallel (1.21.0)
    prometheus-client (2.1.0)
    protocol-hpack (1.4.2)
    protocol-http (0.22.5)
    protocol-http1 (0.14.2)
      protocol-http (~> 0.22)
    protocol-http2 (0.14.2)
      protocol-hpack (~> 1.4)
      protocol-http (~> 0.18)
    public_suffix (4.0.6)
    racc (1.5.2)
    rake (13.0.6)
    rdkafka (0.9.0)
      ffi (~> 1.9)
      mini_portile2 (~> 2.1)
      rake (>= 12.3)
    ruby-kafka (1.3.0)
      digest-crc
    ruby-progressbar (1.11.0)
    ruby2_keywords (0.0.5)
    rubyzip (1.3.0)
    serverengine (2.2.4)
      sigdump (~> 0.2.2)
    sigdump (0.2.4)
    strptime (0.2.5)
    systemd-journal (1.4.2)
      ffi (~> 1.9)
    td (0.16.9)
      hirb (>= 0.4.5)
      msgpack
      parallel (~> 1.8)
      ruby-progressbar (~> 1.7)
      rubyzip (~> 1.3.0)
      td-client (>= 1.0.6, < 2)
      td-logger (>= 0.3.21, < 2)
      yajl-ruby (~> 1.1)
      zip-zip (~> 0.3)
    td-client (1.0.8)
      httpclient (>= 2.7)
      msgpack (>= 0.5.6, < 2)
    td-logger (0.3.27)
      fluent-logger (>= 0.5.0, < 2.0)
      msgpack (>= 0.5.6, < 2.0)
      td-client (>= 0.8.66, < 2.0)
    timers (4.3.3)
    tzinfo (2.0.4)
      concurrent-ruby (~> 1.0)
    tzinfo-data (1.2021.1)
      tzinfo (>= 1.0.0)
    webhdfs (0.9.0)
      addressable
    webrick (1.7.0)
    yajl-ruby (1.4.1)
    zip-zip (0.3)
      rubyzip (>= 1.0.0)

PLATFORMS
  x86_64-linux

DEPENDENCIES
  async-http (= 0.56.3)
  aws-partitions (= 1.478.0)
  aws-sdk-core (= 3.117.0)
  aws-sdk-kms (= 1.44.0)
  aws-sdk-s3 (= 1.96.1)
  aws-sdk-sqs (= 1.40.0)
  aws-sigv4 (= 1.2.4)
  bundler (= 2.2.23)
  cool.io (= 1.7.1)
  elasticsearch (= 7.13.3)
  ffi (= 1.15.3)
  ffi-win32-extensions (= 1.0.4)
  fluent-diagtool (= 1.0.1)
  fluent-plugin-elasticsearch (= 5.0.5)
  fluent-plugin-flowcounter-simple (= 0.1.0)
  fluent-plugin-kafka (= 0.16.3)
  fluent-plugin-parser-winevt_xml (= 0.2.2)
  fluent-plugin-prometheus (= 2.0.1)
  fluent-plugin-prometheus_pushgateway (= 0.1.0)
  fluent-plugin-record-modifier (= 2.1.0)
  fluent-plugin-rewrite-tag-filter (= 2.4.0)
  fluent-plugin-s3 (= 1.6.0)
  fluent-plugin-sd-dns (= 0.1.0)
  fluent-plugin-systemd (= 1.0.5)
  fluent-plugin-td (= 1.1.0)
  fluent-plugin-utmpx (= 0.5.0)
  fluent-plugin-webhdfs (= 1.4.0)
  fluent-plugin-windows-eventlog (= 0.8.0)
  fluentd!
  http_parser.rb (= 0.7.0)
  httpclient (= 2.8.3)
  jmespath (= 1.4.0)
  msgpack (= 1.4.2)
  nokogiri (= 1.11.7)
  oj (= 3.12.1)
  prometheus-client (= 2.1.0)
  rake
  rdkafka (= 0.9.0)
  ruby-kafka (= 1.3.0)
  serverengine (= 2.2.4)
  sigdump (= 0.2.4)
  systemd-journal (= 1.4.2)
  td (= 0.16.9)
  td-client (= 1.0.8)
  tzinfo (= 2.0.4)
  tzinfo-data (= 1.2021.1)
  webhdfs (= 0.9.0)
  webrick (= 1.7.0)
  win32-api (= 1.10.1)
  win32-event (= 0.6.3)
  win32-eventlog (= 0.6.7)
  win32-ipc (= 0.7.0)
  win32-service (= 2.2.0)
  windows-api (= 0.4.4)
  windows-pr (= 1.2.6)
  winevt_c (= 0.9.2)
  yajl-ruby (= 1.4.1)

BUNDLED WITH
   2.2.23
