GIT
  remote: https://github.com/fluent/fluentd
  revision: 2f80f6cf0a4aa44b9795cd6a66894a6b8fa70d06
  ref: 2f80f6cf0a4aa44b9795cd6a66894a6b8fa70d06
  specs:
    fluentd (1.11.2)
      certstore_c (~> 0.1.7)
      cool.io (>= 1.4.5, < 2.0.0)
      http_parser.rb (>= 0.5.1, < 0.7.0)
      msgpack (>= 1.3.1, < 2.0.0)
      serverengine (>= 2.0.4, < 3.0.0)
      sigdump (~> 0.2.2)
      strptime (>= 0.2.2, < 1.0.0)
      tzinfo (>= 1.0, < 3.0)
      tzinfo-data (~> 1.0)
      win32-event (~> 0.6.3)
      win32-ipc (~> 0.7.0)
      win32-service (~> 2.1.5)
      windows-pr (~> 1.2.6)
      yajl-ruby (~> 1.0)

GEM
  remote: https://rubygems.org/
  specs:
    addressable (2.7.0)
      public_suffix (>= 2.0.2, < 5.0)
    async (1.26.2)
      console (~> 1.0)
      nio4r (~> 2.3)
      timers (~> 4.1)
    async-http (0.52.4)
      async (~> 1.25)
      async-io (~> 1.28)
      async-pool (~> 0.2)
      protocol-http (~> 0.20.0)
      protocol-http1 (~> 0.13.0)
      protocol-http2 (~> 0.14.0)
    async-io (1.30.0)
      async (~> 1.14)
    async-pool (0.3.2)
      async (~> 1.25)
    aws-eventstream (1.1.0)
    aws-partitions (1.352.0)
    aws-sdk-core (3.104.3)
      aws-eventstream (~> 1, >= 1.0.2)
      aws-partitions (~> 1, >= 1.239.0)
      aws-sigv4 (~> 1.1)
      jmespath (~> 1.0)
    aws-sdk-kms (1.36.0)
      aws-sdk-core (~> 3, >= 3.99.0)
      aws-sigv4 (~> 1.1)
    aws-sdk-s3 (1.75.0)
      aws-sdk-core (~> 3, >= 3.104.1)
      aws-sdk-kms (~> 1)
      aws-sigv4 (~> 1.1)
    aws-sdk-sqs (1.30.0)
      aws-sdk-core (~> 3, >= 3.99.0)
      aws-sigv4 (~> 1.1)
    aws-sigv4 (1.2.1)
      aws-eventstream (~> 1, >= 1.0.2)
    certstore_c (0.1.7)
    concurrent-ruby (1.1.6)
    console (1.9.0)
    cool.io (1.6.0-x64-mingw32)
    digest-crc (0.6.1)
      rake (~> 13.0)
    elasticsearch (7.8.1)
      elasticsearch-api (= 7.8.1)
      elasticsearch-transport (= 7.8.1)
    elasticsearch-api (7.8.1)
      multi_json
    elasticsearch-transport (7.8.1)
      faraday (~> 1)
      multi_json
    excon (0.76.0)
    faraday (1.0.1)
      multipart-post (>= 1.2, < 3)
    ffi (1.13.1-x64-mingw32)
    ffi-win32-extensions (1.0.3)
      ffi
    fluent-config-regexp-type (1.0.0)
      fluentd (> 1.0.0, < 2)
    fluent-logger (0.8.2)
      msgpack (>= 1.0.0, < 2)
    fluent-plugin-elasticsearch (4.1.1)
      elasticsearch
      excon
      fluentd (>= 0.14.22)
    fluent-plugin-kafka (0.14.0)
      fluentd (>= 0.10.58, < 2)
      ltsv
      ruby-kafka (>= 1.2.0, < 2)
    fluent-plugin-parser-winevt_xml (0.2.2)
      fluentd (>= 0.14.12, < 2)
      nokogiri (>= 1.10, < 1.12)
    fluent-plugin-prometheus (1.8.2)
      fluentd (>= 1.9.1, < 2)
      prometheus-client (< 0.10)
    fluent-plugin-prometheus_pushgateway (0.0.2)
      fluent-plugin-prometheus (>= 1.7.0, < 2.0.0)
    fluent-plugin-record-modifier (2.1.0)
      fluentd (>= 1.0, < 2)
    fluent-plugin-rewrite-tag-filter (2.3.0)
      fluent-config-regexp-type
      fluentd (>= 0.14.2, < 2)
    fluent-plugin-s3 (1.4.0)
      aws-sdk-s3 (~> 1.60)
      aws-sdk-sqs (~> 1.23)
      fluentd (>= 0.14.22, < 2)
    fluent-plugin-td (1.1.0)
      fluentd (>= 0.14.13, < 2)
      td-client (~> 1.0)
    fluent-plugin-webhdfs (1.2.5)
      fluentd (>= 0.14.22)
      webhdfs (>= 0.6.0)
    fluent-plugin-windows-eventlog (0.7.0)
      fluentd (>= 0.14.12, < 2)
      win32-eventlog
      winevt_c (>= 0.8.1)
    hirb (0.7.3)
    http_parser.rb (0.6.0)
    httpclient (2.8.2.4)
    jmespath (1.4.0)
    ltsv (0.1.2)
    mini_portile2 (2.4.0)
    msgpack (1.3.3-x64-mingw32)
    multi_json (1.15.0)
    multipart-post (2.1.1)
    nio4r (2.5.2)
    nokogiri (1.10.10-x64-mingw32)
      mini_portile2 (~> 2.4.0)
    oj (3.10.6)
    parallel (1.19.2)
    prometheus-client (0.9.0)
      quantile (~> 0.2.1)
    protocol-hpack (1.4.2)
    protocol-http (0.20.0)
    protocol-http1 (0.13.0)
      protocol-http (~> 0.19)
    protocol-http2 (0.14.0)
      protocol-hpack (~> 1.4)
      protocol-http (~> 0.18)
    public_suffix (4.0.5)
    quantile (0.2.1)
    rake (13.0.1)
    ruby-kafka (1.2.0)
      digest-crc
    ruby-progressbar (1.10.1)
    rubyzip (1.3.0)
    serverengine (2.2.1)
      sigdump (~> 0.2.2)
    sigdump (0.2.4)
    strptime (0.2.4)
    td (0.16.9)
      hirb (>= 0.4.5)
      msgpack
      parallel (~> 1.8)
      ruby-progressbar (~> 1.7)
      rubyzip (~> 1.3.0)
      td-client (>= 1.0.6, < 2)
      td-logger (>= 0.3.21, < 2)
      yajl-ruby (~> 1.1)
      zip-zip (~> 0.3)
    td-client (1.0.7)
      httpclient (>= 2.7)
      msgpack (>= 0.5.6, < 2)
    td-logger (0.3.27)
      fluent-logger (>= 0.5.0, < 2.0)
      msgpack (>= 0.5.6, < 2.0)
      td-client (>= 0.8.66, < 2.0)
    timers (4.3.0)
    tzinfo (2.0.2)
      concurrent-ruby (~> 1.0)
    tzinfo-data (1.2020.1)
      tzinfo (>= 1.0.0)
    webhdfs (0.9.0)
      addressable
    win32-api (1.9.1-universal-mingw32)
    win32-event (0.6.3)
      win32-ipc (>= 0.6.0)
    win32-eventlog (0.6.7)
      ffi
    win32-ipc (0.7.0)
      ffi
    win32-service (2.1.5)
      ffi
      ffi-win32-extensions
    windows-api (0.4.4)
      win32-api (>= 1.4.5)
    windows-pr (1.2.6)
      win32-api (>= 1.4.5)
      windows-api (>= 0.4.0)
    winevt_c (0.8.1)
    yajl-ruby (1.4.1)
    zip-zip (0.3)
      rubyzip (>= 1.0.0)

PLATFORMS
  x64-mingw32

DEPENDENCIES
  async-http (= 0.52.4)
  aws-partitions (= 1.352.0)
  aws-sdk-core (= 3.104.3)
  aws-sdk-kms (= 1.36.0)
  aws-sdk-s3 (= 1.75.0)
  aws-sdk-sqs (= 1.30.0)
  aws-sigv4 (= 1.2.1)
  bundler (= 2.1.4)
  cool.io (= 1.6.0)
  elasticsearch (= 7.8.1)
  ffi (= 1.13.1)
  ffi-win32-extensions (= 1.0.3)
  fluent-plugin-elasticsearch (= 4.1.1)
  fluent-plugin-kafka (= 0.14.0)
  fluent-plugin-parser-winevt_xml (= 0.2.2)
  fluent-plugin-prometheus (= 1.8.2)
  fluent-plugin-prometheus_pushgateway (= 0.0.2)
  fluent-plugin-record-modifier (= 2.1.0)
  fluent-plugin-rewrite-tag-filter (= 2.3.0)
  fluent-plugin-s3 (= 1.4.0)
  fluent-plugin-td (= 1.1.0)
  fluent-plugin-webhdfs (= 1.2.5)
  fluent-plugin-windows-eventlog (= 0.7.0)
  fluentd!
  http_parser.rb (= 0.6.0)
  httpclient (= 2.8.2.4)
  jmespath (= 1.4.0)
  msgpack (= 1.3.3)
  nokogiri (= 1.10.10)
  oj (= 3.10.6)
  prometheus-client (= 0.9.0)
  rake
  ruby-kafka (= 1.2.0)
  serverengine (= 2.2.1)
  sigdump (= 0.2.4)
  td (= 0.16.9)
  td-client (= 1.0.7)
  tzinfo (= 2.0.2)
  tzinfo-data (= 1.2020.1)
  webhdfs (= 0.9.0)
  win32-api (= 1.9.1)
  win32-event (= 0.6.3)
  win32-eventlog (= 0.6.7)
  win32-ipc (= 0.7.0)
  win32-service (= 2.1.5)
  windows-api (= 0.4.4)
  windows-pr (= 1.2.6)
  winevt_c (= 0.8.1)
  yajl-ruby (= 1.4.1)

BUNDLED WITH
   2.1.4
